PATH
  remote: .
  specs:
    stylr (0.0.12)
      main (~> 5.2, >= 5.2.0)

GEM
  remote: https://rubygems.org/
  specs:
    arrayfields (4.9.0)
    chronic (0.10.2)
    diff-lcs (1.2.5)
    fattr (2.2.1)
    main (5.2.0)
      arrayfields (>= 4.7.4)
      chronic (>= 0.6.2)
      fattr (>= 2.2.0)
      map (>= 5.1.0)
    map (6.5.1)
    rake (10.1.1)
    rspec (2.14.1)
      rspec-core (~> 2.14.0)
      rspec-expectations (~> 2.14.0)
      rspec-mocks (~> 2.14.0)
    rspec-core (2.14.7)
    rspec-expectations (2.14.4)
      diff-lcs (>= 1.1.3, < 2.0)
    rspec-mocks (2.14.4)

PLATFORMS
  ruby

DEPENDENCIES
  bundler (~> 1.3)
  rake
  rspec
  stylr!
